GEM
  remote: https://rubygems.org/
  specs:
    ffi (1.11.3)
    mustermann (1.0.3)
    natto (1.1.2)
      ffi (>= 1.9.0)
    nio4r (2.5.2)
    puma (4.3.1)
      nio4r (~> 2.0)
    rack (2.0.8)
    rack-protection (2.0.7)
      rack
    sinatra (2.0.7)
      mustermann (~> 1.0)
      rack (~> 2.0)
      rack-protection (= 2.0.7)
      tilt (~> 2.0)
    tilt (2.0.10)

PLATFORMS
  ruby

DEPENDENCIES
  natto
  puma
  sinatra

BUNDLED WITH
   1.17.3
